GIT
  remote: git@github.com:zuorasc/zuora.git
  revision: c0b5e7c7c4e8840a3dba8eb2f8f1e9a0ac274d00
  specs:
    zuora (0.0.1)
      activemodel (>= 3.0.0, < 4.0.0)
      activesupport (>= 3.0.0, < 4.0.0)
      libxml4r (~> 0.2.6)
      savon (>= 0.9.8, <= 1.1.0)

PATH
  remote: .
  specs:
    zillabackend (0.0.0)

GEM
  remote: http://rubygems.org/
  specs:
    activemodel (3.0.17)
      activesupport (= 3.0.17)
      builder (~> 2.1.2)
      i18n (~> 0.5.0)
    activesupport (3.0.17)
    akami (1.2.0)
      gyoku (>= 0.4.0)
      nokogiri (>= 1.4.0)
    builder (2.1.2)
    gyoku (0.4.6)
      builder (>= 2.1.2)
    httpi (1.1.1)
      rack
    i18n (0.5.0)
    libxml-ruby (2.3.3)
    libxml4r (0.2.6)
      libxml-ruby (>= 1.1.3)
    nokogiri (1.5.5)
    nori (1.1.3)
    rack (1.4.1)
    savon (1.1.0)
      akami (~> 1.2.0)
      builder (>= 2.1.2)
      gyoku (~> 0.4.5)
      httpi (~> 1.1.0)
      nokogiri (>= 1.4.0)
      nori (~> 1.1.0)
      wasabi (~> 2.5.0)
    wasabi (2.5.1)
      httpi (~> 1.0)
      nokogiri (>= 1.4.0)

PLATFORMS
  ruby

DEPENDENCIES
  builder (= 2.1.2)
  zillabackend!
  zuora!
